GEM
  remote: https://rubygems.org/
  specs:
    dotenv (2.7.5)
    pdf-core (0.7.0)
    prawn (2.2.2)
      pdf-core (~> 0.7.0)
      ttfunk (~> 1.5)
    ttfunk (1.5.1)

PLATFORMS
  ruby

DEPENDENCIES
  dotenv
  prawn

BUNDLED WITH
   1.17.2
